GEM
  remote: https://rubygems.org/
  specs:
    concurrent-ruby (1.1.7)
    daemons (1.3.1)
    eventmachine (1.2.7)
    haml (5.1.2)
      temple (>= 0.8.0)
      tilt
    hiredis (0.6.3)
    i18n (1.8.5)
      concurrent-ruby (~> 1.0)
    json (2.3.1)
    mixlib-cli (2.1.6)
    mustermann (1.1.1)
      ruby2_keywords (~> 0.0.1)
    rack (2.2.3)
    rack-protection (2.0.8.1)
      rack
    redis (4.2.1)
    redmon (0.0.13)
      eventmachine
      haml
      hiredis
      i18n
      json
      mixlib-cli
      rack
      redis
      sinatra
      thin
    ruby2_keywords (0.0.2)
    sinatra (2.0.8.1)
      mustermann (~> 1.0)
      rack (~> 2.0)
      rack-protection (= 2.0.8.1)
      tilt (~> 2.0)
    temple (0.8.2)
    thin (1.7.2)
      daemons (~> 1.0, >= 1.0.9)
      eventmachine (~> 1.0, >= 1.0.4)
      rack (>= 1, < 3)
    tilt (2.0.10)

PLATFORMS
  ruby

DEPENDENCIES
  redmon!

BUNDLED WITH
   2.1.4
